GEM
  remote: https://rubygems.org/
  specs:
    pg (0.19.0)
    redis (3.3.1)

PLATFORMS
  ruby

DEPENDENCIES
  pg
  redis

RUBY VERSION
   ruby 2.3.1p112

BUNDLED WITH
   1.12.5
